GEM
  remote: https://rubygems.org/
  specs:
    backports (3.11.3)
    ethon (0.11.0)
    ffi (1.9.25)
    json (2.1.0)
    multi_json (1.13.1)
    open4 (1.3.4)
    rack (1.6.10)
    rack-protection (1.5.5)
      rack
    rack-test (0.7.0)
      rack (>= 1.0)
    rpam-ruby19 (1.2.1)
    sinatra (1.4.8)
      rack (~> 1.4)
      rack-protection (~> 1.4)
      tilt (>= 1.3, < 3)
    sinatra-contrib (1.4.7)
      backports (>= 2.0)
      multi_json
      rack-protection
      rack-test
      sinatra (~> 1.4.0)
      tilt (>= 1.3, < 3)
    tilt (2.0.8)

PLATFORMS
  ruby

DEPENDENCIES
  backports
  ethon
  ffi
  json
  multi_json
  open4
  rack
  rack-protection
  rack-test
  rpam-ruby19
  sinatra
  sinatra-contrib
  tilt
