GEM
  remote: https://rubygems.org/
  remote: https://tojeline.fedorapeople.org/rubygems/
  specs:
    backports (3.6.8)
    json (1.8.3)
    multi_json (1.12.0)
    open4 (1.3.4)
    orderedhash (0.0.6)
    rack (1.6.4)
    rack-protection (1.5.3)
      rack
    rack-test (0.6.3)
      rack (>= 1.0)
    rpam-ruby19 (1.2.1)
    sinatra (1.4.7)
      rack (~> 1.4)
      rack-protection (~> 1.4)
      tilt (>= 1.3, < 3)
    sinatra-contrib (1.4.7)
      backports (>= 2.0)
      multi_json
      rack-protection
      rack-test
      sinatra (~> 1.4.0)
      tilt (>= 1.3, < 3)
    tilt (2.0.3)

PLATFORMS
  ruby

DEPENDENCIES
  backports
  json
  multi_json
  open4
  orderedhash
  rack
  rack-protection
  rack-test
  rpam-ruby19
  sinatra
  sinatra-contrib
  tilt
